GEM
  remote: https://rubygems.org/
  specs:
    coderay (1.1.3)
    method_source (1.0.0)
    mini_magick (4.11.0)
    pry (0.14.1)
      coderay (~> 1.1)
      method_source (~> 1.0)
    rmagick (4.2.3)

PLATFORMS
  x86_64-linux

DEPENDENCIES
  mini_magick
  pry
  rmagick

BUNDLED WITH
   2.2.33
